GEM
  remote: https://rubygems.org/
  specs:
    jekyll-feed (0.4.0)
    jekyll-sitemap (0.10.0)

PLATFORMS
  ruby

DEPENDENCIES
  jekyll-feed
  jekyll-sitemap

BUNDLED WITH
   1.11.2
